PATH
  remote: .
  specs:
    ruby_http2 (0.1.0)
      bindata
      protocol-hpack

GEM
  remote: https://rubygems.org/
  specs:
    benchmark-ips (2.10.0)
    bindata (2.4.14)
    byebug (11.1.3)
    coderay (1.1.3)
    diff-lcs (1.5.0)
    method_source (1.0.0)
    protocol-hpack (1.4.2)
    pry (0.14.1)
      coderay (~> 1.1)
      method_source (~> 1.0)
    pry-byebug (3.8.0)
      byebug (~> 11.0)
      pry (~> 0.10)
    rake (12.3.3)
    rspec (3.12.0)
      rspec-core (~> 3.12.0)
      rspec-expectations (~> 3.12.0)
      rspec-mocks (~> 3.12.0)
    rspec-core (3.12.0)
      rspec-support (~> 3.12.0)
    rspec-expectations (3.12.0)
      diff-lcs (>= 1.2.0, < 2.0)
      rspec-support (~> 3.12.0)
    rspec-mocks (3.12.0)
      diff-lcs (>= 1.2.0, < 2.0)
      rspec-support (~> 3.12.0)
    rspec-support (3.12.0)

PLATFORMS
  ruby

DEPENDENCIES
  benchmark-ips
  pry (> 0.13.1)
  pry-byebug
  rake (~> 12.0)
  rspec (~> 3.0)
  ruby_http2!

BUNDLED WITH
   2.1.4
